PATH
  remote: .
  specs:
    linner (0.4.4)
      coffee-script (~> 2.2)
      compass (~> 0.12.2)
      cssminify (~> 1.0.2)
      listen (~> 1.3)
      nokogiri (~> 1.6.0)
      reel (~> 0.4)
      sass (~> 3.2)
      terminal-notifier (~> 1.5)
      thor (~> 0.18)
      tilt (~> 1.4)
      uglifier (~> 2.2)

GEM
  remote: https://rubygems.org/
  specs:
    celluloid (0.15.1)
      timers (~> 1.1.0)
    celluloid-io (0.15.0)
      celluloid (>= 0.15.0)
      nio4r (>= 0.5.0)
    chunky_png (1.2.8)
    coderay (1.0.9)
    coffee-script (2.2.0)
      coffee-script-source
      execjs
    coffee-script-source (1.6.3)
    compass (0.12.2)
      chunky_png (~> 1.2)
      fssm (>= 0.2.7)
      sass (~> 3.1)
    cssminify (1.0.2)
    diff-lcs (1.2.4)
    execjs (2.0.1)
    ffi (1.9.0)
    fssm (0.2.10)
    http (0.5.0)
      http_parser.rb
    http_parser.rb (0.6.0.beta.2)
    listen (1.3.1)
      rb-fsevent (>= 0.9.3)
      rb-inotify (>= 0.9)
      rb-kqueue (>= 0.2)
    method_source (0.8.2)
    mini_portile (0.5.1)
    multi_json (1.8.0)
    nio4r (0.5.0)
    nokogiri (1.6.0)
      mini_portile (~> 0.5.0)
    pry (0.9.12.2)
      coderay (~> 1.0.5)
      method_source (~> 0.8)
      slop (~> 3.4)
    rake (10.1.0)
    rb-fsevent (0.9.3)
    rb-inotify (0.9.2)
      ffi (>= 0.5.0)
    rb-kqueue (0.2.0)
      ffi (>= 0.5.0)
    reel (0.4.0)
      celluloid (>= 0.15.1)
      celluloid-io (>= 0.15.0)
      http (>= 0.5.0)
      http_parser.rb (>= 0.6.0.beta.2)
      websocket_parser (>= 0.1.4)
    rspec (2.14.1)
      rspec-core (~> 2.14.0)
      rspec-expectations (~> 2.14.0)
      rspec-mocks (~> 2.14.0)
    rspec-core (2.14.3)
    rspec-expectations (2.14.0)
      diff-lcs (>= 1.1.3, < 2.0)
    rspec-mocks (2.14.1)
    sass (3.2.10)
    slop (3.4.6)
    terminal-notifier (1.5.1)
    thor (0.18.1)
    tilt (1.4.1)
    timers (1.1.0)
    uglifier (2.2.1)
      execjs (>= 0.3.0)
      multi_json (~> 1.0, >= 1.0.2)
    websocket_parser (0.1.4)
      http

PLATFORMS
  ruby

DEPENDENCIES
  bundler (~> 1.3)
  linner!
  pry
  rake
  rspec (~> 2.14)
