PATH
  remote: .
  specs:
    linner (0.3.2)
      coffee-script (~> 2.2)
      compass (~> 0.12.2)
      cssminify (~> 1.0.2)
      listen (~> 1.2)
      multi_json (~> 1.7)
      nio4r (~> 0.5.0)
      reel (~> 0.3)
      sass (~> 3.2)
      terminal-notifier (~> 1.4)
      thor (~> 0.18)
      tilt (~> 1.4)
      uglifier (~> 2.1)

GEM
  remote: https://rubygems.org/
  specs:
    celluloid (0.14.1)
      timers (>= 1.0.0)
    celluloid-io (0.14.1)
      celluloid (>= 0.14.1)
      nio4r (>= 0.4.5)
    certified (0.1.1)
    chunky_png (1.2.8)
    coffee-script (2.2.0)
      coffee-script-source
      execjs
    coffee-script-source (1.6.3)
    compass (0.12.2)
      chunky_png (~> 1.2)
      fssm (>= 0.2.7)
      sass (~> 3.1)
    cssminify (1.0.2)
    diff-lcs (1.2.4)
    execjs (1.4.0)
      multi_json (~> 1.0)
    ffi (1.9.0)
    fssm (0.2.10)
    http (0.4.0)
      certified
      http_parser.rb
    http_parser.rb (0.5.3)
    listen (1.2.2)
      rb-fsevent (>= 0.9.3)
      rb-inotify (>= 0.9)
      rb-kqueue (>= 0.2)
    multi_json (1.7.7)
    nio4r (0.5.0)
    rack (1.5.2)
    rake (10.1.0)
    rb-fsevent (0.9.3)
    rb-inotify (0.9.0)
      ffi (>= 0.5.0)
    rb-kqueue (0.2.0)
      ffi (>= 0.5.0)
    reel (0.3.0)
      celluloid-io (>= 0.8.0)
      http (>= 0.2.0)
      http_parser.rb (>= 0.5.3)
      rack (>= 1.4.0)
      websocket_parser (>= 0.1.0)
    rspec (2.14.1)
      rspec-core (~> 2.14.0)
      rspec-expectations (~> 2.14.0)
      rspec-mocks (~> 2.14.0)
    rspec-core (2.14.3)
    rspec-expectations (2.14.0)
      diff-lcs (>= 1.1.3, < 2.0)
    rspec-mocks (2.14.1)
    sass (3.2.9)
    terminal-notifier (1.4.2)
    thor (0.18.1)
    tilt (1.4.1)
    timers (1.1.0)
    uglifier (2.1.2)
      execjs (>= 0.3.0)
      multi_json (~> 1.0, >= 1.0.2)
    websocket_parser (0.1.4)
      http

PLATFORMS
  ruby

DEPENDENCIES
  bundler (~> 1.3)
  linner!
  rake
  rspec (~> 2.14)
